GEM
  remote: https://rubygems.org/
  specs:
    curb (0.8.4)
    daemons (1.1.9)
    sigar (0.7.2)

PLATFORMS
  ruby

DEPENDENCIES
  curb
  daemons
  sigar
